GEM
  remote: https://rubygems.org/
  specs:
    activemodel (5.0.2)
      activesupport (= 5.0.2)
    activesupport (5.0.2)
      concurrent-ruby (~> 1.0, >= 1.0.2)
      i18n (~> 0.7)
      minitest (~> 5.1)
      tzinfo (~> 1.1)
    addressable (2.5.1)
      public_suffix (~> 2.0, >= 2.0.2)
    ast (2.3.0)
    axiom-types (0.1.1)
      descendants_tracker (~> 0.0.4)
      ice_nine (~> 0.11.0)
      thread_safe (~> 0.3, >= 0.3.1)
    bson (4.2.1)
    builder (3.2.3)
    byebug (9.0.6)
    capybara (2.14.0)
      addressable
      mime-types (>= 1.16)
      nokogiri (>= 1.3.3)
      rack (>= 1.0.0)
      rack-test (>= 0.5.4)
      xpath (~> 2.0)
    coderay (1.1.1)
    coercible (1.0.0)
      descendants_tracker (~> 0.0.1)
    colorize (0.8.1)
    concurrent-ruby (1.0.5)
    database_cleaner (1.5.3)
    descendants_tracker (0.0.4)
      thread_safe (~> 0.3, >= 0.3.1)
    diff-lcs (1.3)
    dry-configurable (0.7.0)
      concurrent-ruby (~> 1.0)
    dry-container (0.6.0)
      concurrent-ruby (~> 1.0)
      dry-configurable (~> 0.1, >= 0.1.3)
    equalizer (0.0.11)
    grape (0.19.2)
      activesupport
      builder
      hashie (>= 2.1.0)
      multi_json (>= 1.3.2)
      multi_xml (>= 0.5.2)
      mustermann-grape (~> 1.0.0)
      rack (>= 1.3.0)
      rack-accept
      virtus (>= 1.0.0)
    grape-entity (0.6.1)
      activesupport (>= 5.0.0)
      multi_json (>= 1.3.2)
    grape-route-helpers (2.0.0)
      activesupport
      grape (~> 0.16, >= 0.16.0)
      rake
    hashie (3.5.5)
    i18n (0.8.1)
    ice_nine (0.11.2)
    method_source (0.8.2)
    mime-types (3.1)
      mime-types-data (~> 3.2015)
    mime-types-data (3.2016.0521)
    mini_portile2 (2.1.0)
    minitest (5.10.1)
    mongo (2.4.1)
      bson (>= 4.2.1, < 5.0.0)
    mongoid (6.1.0)
      activemodel (~> 5.0)
      mongo (>= 2.4.1, < 3.0.0)
    multi_json (1.12.1)
    multi_xml (0.6.0)
    mustermann (1.0.0)
    mustermann-grape (1.0.0)
      mustermann (~> 1.0.0)
    nokogiri (1.7.1)
      mini_portile2 (~> 2.1.0)
    oj (3.0.3)
    parser (2.4.0.0)
      ast (~> 2.2)
    powerpack (0.1.1)
    pry (0.10.4)
      coderay (~> 1.1.0)
      method_source (~> 0.8.1)
      slop (~> 3.4)
    pry-byebug (3.4.2)
      byebug (~> 9.0)
      pry (~> 0.10)
    public_suffix (2.0.5)
    puma (3.8.2)
    rack (2.0.1)
    rack-accept (0.4.5)
      rack (>= 0.4)
    rack-cors (0.4.1)
    rack-test (0.6.3)
      rack (>= 1.0)
    rainbow (2.2.2)
      rake
    rake (12.0.0)
    rspec (3.5.0)
      rspec-core (~> 3.5.0)
      rspec-expectations (~> 3.5.0)
      rspec-mocks (~> 3.5.0)
    rspec-core (3.5.4)
      rspec-support (~> 3.5.0)
    rspec-expectations (3.5.0)
      diff-lcs (>= 1.2.0, < 2.0)
      rspec-support (~> 3.5.0)
    rspec-mocks (3.5.0)
      diff-lcs (>= 1.2.0, < 2.0)
      rspec-support (~> 3.5.0)
    rspec-support (3.5.0)
    rubocop (0.48.1)
      parser (>= 2.3.3.1, < 3.0)
      powerpack (~> 0.1)
      rainbow (>= 1.99.1, < 3.0)
      ruby-progressbar (~> 1.7)
      unicode-display_width (~> 1.0, >= 1.0.1)
    rubocop-rspec (1.15.1)
      rubocop (>= 0.42.0)
    ruby-progressbar (1.8.1)
    slop (3.6.0)
    thread_safe (0.3.6)
    tzinfo (1.2.3)
      thread_safe (~> 0.1)
    unicode-display_width (1.2.1)
    virtus (1.0.5)
      axiom-types (~> 0.1)
      coercible (~> 1.0)
      descendants_tracker (~> 0.0, >= 0.0.3)
      equalizer (~> 0.0, >= 0.0.9)
    xpath (2.0.0)
      nokogiri (~> 1.3)

PLATFORMS
  ruby

DEPENDENCIES
  activesupport (= 5.0.2)
  capybara
  colorize
  database_cleaner
  dry-container
  grape
  grape-entity
  grape-route-helpers
  mongoid
  multi_json
  oj
  pry
  pry-byebug
  puma
  rack-cors
  rack-test
  rspec
  rubocop
  rubocop-rspec

RUBY VERSION
   ruby 2.4.1p111

BUNDLED WITH
   1.14.6
